GEM
  remote: http://rubygems.org/
  remote: http://gems.github.com/
  specs:
    BlueCloth (1.0.1)
    RubyApp (0.0.56)
      BlueCloth
      chronic
      chronic_duration
      facets
      fileutils
      haml
      json
      mime-types
      r18n-core
      rack
      ruby-event
      ruby-openid
      sass
      term-ansicolor
      yajl-ruby
    SystemTimer (1.2.3)
    activemodel (3.1.3)
      activesupport (= 3.1.3)
      builder (~> 3.0.0)
      i18n (~> 0.6)
    activesupport (3.1.3)
      multi_json (~> 1.0)
    addressable (2.2.6)
    bson (1.5.2)
    bson_ext (1.5.2)
      bson (= 1.5.2)
    builder (3.0.0)
    capybara (1.1.2)
      mime-types (>= 1.16)
      nokogiri (>= 1.3.3)
      rack (>= 1.0.0)
      rack-test (>= 0.5.4)
      selenium-webdriver (~> 2.0)
      xpath (~> 0.1.4)
    childprocess (0.2.5)
      ffi (~> 1.0.6)
    chronic (0.6.6)
    chronic_duration (0.9.6)
      numerizer (~> 0.1.1)
    cucumber (1.1.4)
      builder (>= 2.1.2)
      diff-lcs (>= 1.1.2)
      gherkin (~> 2.7.1)
      json (>= 1.4.6)
      term-ansicolor (>= 1.0.6)
    diff-lcs (1.1.3)
    facets (2.9.3)
    ffi (1.0.11)
    fileutils (0.7)
      rmagick (>= 2.13.1)
    gherkin (2.7.2)
      json (>= 1.4.6)
    haml (3.1.4)
    i18n (0.6.0)
    json (1.6.4)
    launchy (2.0.5)
      addressable (~> 2.2.6)
    linecache (0.46)
      rbx-require-relative (> 0.0.4)
    logrotate (1.2.1)
    macaddr (1.5.0)
      systemu (>= 2.4.0)
    mime-types (1.17.2)
    mongo (1.5.2)
      bson (= 1.5.2)
    mongoid (2.4.0)
      activemodel (~> 3.1)
      mongo (~> 1.3)
      tzinfo (~> 0.3.22)
    mongoid-rspec (1.4.4)
      mongoid (~> 2.0)
      rspec (~> 2)
    multi_json (1.0.4)
    nokogiri (1.5.0)
    numerizer (0.1.1)
    r18n-core (0.4.13)
    rack (1.4.0)
    rack-test (0.6.1)
      rack (>= 1.0)
    rake (0.9.2.2)
    rbx-require-relative (0.0.5)
    relevance-rcov (0.9.2.1)
    rmagick (2.13.1)
    rspec (2.8.0)
      rspec-core (~> 2.8.0)
      rspec-expectations (~> 2.8.0)
      rspec-mocks (~> 2.8.0)
    rspec-core (2.8.0)
    rspec-expectations (2.8.0)
      diff-lcs (~> 1.1.2)
    rspec-mocks (2.8.0)
    ruby-debug-base (0.10.4)
      linecache (>= 0.3)
    ruby-event (1.0.0)
    ruby-graphviz (1.0.3)
    ruby-openid (2.1.8)
    rubyzip (0.9.5)
    sass (3.1.12)
    selenium-webdriver (2.16.0)
      childprocess (>= 0.2.5)
      ffi (~> 1.0.9)
      multi_json (~> 1.0.4)
      rubyzip
    systemu (2.4.2)
    term-ansicolor (1.0.7)
    tzinfo (0.3.31)
    uuid (2.3.4)
      macaddr (~> 1.0)
    xpath (0.1.4)
      nokogiri (~> 1.3)
    yajl-ruby (1.1.0)

PLATFORMS
  ruby

DEPENDENCIES
  RubyApp
  SystemTimer
  bson
  bson_ext
  capybara
  chronic
  cucumber
  launchy
  logrotate
  mongo
  mongoid
  mongoid-rspec
  rake
  relevance-rcov
  rspec
  ruby-debug-base
  ruby-graphviz
  uuid
