GEM
  remote: http://rubygems.org/
  remote: http://gems.github.com/
  specs:
    BlueCloth (1.0.1)
    RubyApp (0.5.53)
      BlueCloth
      chronic
      chronic_duration
      facets
      fileutils
      haml
      json
      mime-types
      r18n-core
      rack
      ruby-event
      ruby-openid
      sass
      term-ansicolor
      terminal-table
      yajl-ruby
    SystemTimer (1.2.3)
    activemodel (3.2.6)
      activesupport (= 3.2.6)
      builder (~> 3.0.0)
    activesupport (3.2.6)
      i18n (~> 0.6)
      multi_json (~> 1.0)
    amazon-ec2 (0.9.17)
      xml-simple (>= 1.0.12)
    aws-s3 (0.6.3)
      builder
      mime-types
      xml-simple
    aws-ses (0.4.4)
      builder
      mail (> 2.2.5)
      mime-types
      xml-simple
    bson (1.6.4)
    bson_ext (1.6.4)
      bson (~> 1.6.4)
    builder (3.0.0)
    chronic (0.6.7)
    chronic_duration (0.9.6)
      numerizer (~> 0.1.1)
    daemons (1.1.6)
    eventmachine (0.12.10)
    facets (2.9.3)
    fastercsv (1.5.5)
    fileutils (0.7)
      rmagick (>= 2.13.1)
    haml (3.1.6)
    i18n (0.6.0)
    json (1.7.3)
    linecache (0.46)
      rbx-require-relative (> 0.0.4)
    mail (2.4.4)
      i18n (>= 0.4.0)
      mime-types (~> 1.16)
      treetop (~> 1.4.8)
    mime-types (1.19)
    mongo (1.6.4)
      bson (~> 1.6.4)
    mongoid (2.4.10)
      activemodel (~> 3.1)
      mongo (~> 1.3)
      tzinfo (~> 0.3.22)
    multi_json (1.3.6)
    numerizer (0.1.1)
    polyglot (0.3.3)
    r18n-core (1.0.0)
    rack (1.4.1)
    rake (0.9.2.2)
    rbx-require-relative (0.0.9)
    rmagick (2.13.1)
    ruby-debug-base (0.10.4)
      linecache (>= 0.3)
    ruby-event (1.0.0)
    ruby-openid (2.1.8)
    sass (3.1.19)
    term-ansicolor (1.0.7)
    terminal-table (1.4.5)
    thin (1.3.1)
      daemons (>= 1.0.9)
      eventmachine (>= 0.12.6)
      rack (>= 1.0.0)
    treetop (1.4.10)
      polyglot
      polyglot (>= 0.3.1)
    tzinfo (0.3.33)
    xml-simple (1.1.1)
    yajl-ruby (1.1.0)

PLATFORMS
  ruby

DEPENDENCIES
  RubyApp
  SystemTimer
  amazon-ec2
  aws-s3
  aws-ses
  bson
  bson_ext
  chronic
  daemons (= 1.1.6)
  fastercsv
  mongo
  mongoid
  rake
  ruby-debug-base
  terminal-table
  thin
