GEM
  remote: http://rubygems.org/
  remote: http://gems.github.com/
  specs:
    BlueCloth (1.0.1)
    RubyApp (0.6.45)
      BlueCloth
      chronic
      chronic_duration
      facets
      fileutils
      haml
      json
      koala
      mime-types
      oauth2
      r18n-core
      rack
      ruby-event
      ruby-openid
      sass
      system_timer
      term-ansicolor
      terminal-table
      yajl-ruby
    SystemTimer (1.2.3)
    activemodel (3.2.8)
      activesupport (= 3.2.8)
      builder (~> 3.0.0)
    activesupport (3.2.8)
      i18n (~> 0.6)
      multi_json (~> 1.0)
    amazon-ec2 (0.9.17)
      xml-simple (>= 1.0.12)
    awesome_print (1.1.0)
    aws-s3 (0.6.3)
      builder
      mime-types
      xml-simple
    aws-ses (0.4.4)
      builder
      mail (> 2.2.5)
      mime-types
      xml-simple
    bson (1.7.0)
    bson_ext (1.7.0)
      bson (~> 1.7.0)
    builder (3.0.4)
    chronic (0.6.7)
    chronic_duration (0.9.6)
      numerizer (~> 0.1.1)
    daemons (1.1.6)
    eventmachine (1.0.0)
    facets (2.9.3)
    faraday (0.8.4)
      multipart-post (~> 1.1)
    fastercsv (1.5.5)
    fileutils (0.7)
      rmagick (>= 2.13.1)
    haml (3.1.7)
    httpauth (0.2.0)
    i18n (0.6.1)
    json (1.7.5)
    jwt (0.1.5)
      multi_json (>= 1.0)
    koala (1.5.0)
      faraday (~> 0.7)
      multi_json (~> 1.3)
    linecache (0.46)
      rbx-require-relative (> 0.0.4)
    mail (2.4.4)
      i18n (>= 0.4.0)
      mime-types (~> 1.16)
      treetop (~> 1.4.8)
    mime-types (1.19)
    mongo (1.7.0)
      bson (~> 1.7.0)
    mongoid (2.4.10)
      activemodel (~> 3.1)
      mongo (~> 1.3)
      tzinfo (~> 0.3.22)
    multi_json (1.3.6)
    multipart-post (1.1.5)
    numerizer (0.1.1)
    oauth2 (0.8.0)
      faraday (~> 0.8)
      httpauth (~> 0.1)
      jwt (~> 0.1.4)
      multi_json (~> 1.0)
      rack (~> 1.2)
    polyglot (0.3.3)
    r18n-core (1.1.2)
    rack (1.4.1)
    rake (0.9.2.2)
    rbx-require-relative (0.0.9)
    rmagick (2.13.1)
    ruby-debug-base (0.10.4)
      linecache (>= 0.3)
    ruby-event (1.0.0)
    ruby-openid (2.2.2)
    sass (3.2.1)
    system_timer (1.2.4)
    term-ansicolor (1.0.7)
    terminal-table (1.4.5)
    thin (1.5.0)
      daemons (>= 1.0.9)
      eventmachine (>= 0.12.6)
      rack (>= 1.0.0)
    treetop (1.4.12)
      polyglot
      polyglot (>= 0.3.1)
    tzinfo (0.3.34)
    whenever (0.7.3)
      activesupport (>= 2.3.4)
      chronic (~> 0.6.3)
    xml-simple (1.1.2)
    yajl-ruby (1.1.0)

PLATFORMS
  ruby

DEPENDENCIES
  RubyApp
  SystemTimer
  amazon-ec2
  awesome_print
  aws-s3
  aws-ses
  bson
  bson_ext
  chronic
  daemons (= 1.1.6)
  fastercsv
  mongo
  mongoid (= 2.4.10)
  oauth2
  rake
  ruby-debug-base
  ruby-openid
  terminal-table
  thin
  whenever
