GEM
  remote: http://rubygems.org/
  specs:
    BlueCloth (1.0.1)
    RubyApp (0.0.7)
      BlueCloth (= 1.0.1)
      chronic_duration (= 0.9.6)
      facets (= 2.9.2)
      fileutils (= 0.7)
      haml (= 3.1.2)
      json (= 1.6.1)
      mime-types (= 1.16)
      r18n-core (= 0.4.9)
      rack (= 1.2.2)
      ruby-event (= 1.0.0)
      ruby-openid (= 2.1.8)
      sass (= 3.1.7)
      term-ansicolor (= 1.0.6)
      yajl-ruby (= 0.8.2)
    activemodel (3.1.1)
      activesupport (= 3.1.1)
      builder (~> 3.0.0)
      i18n (~> 0.6)
    activesupport (3.1.1)
      multi_json (~> 1.0)
    bson (1.4.0)
    bson_ext (1.4.0)
    builder (3.0.0)
    chronic_duration (0.9.6)
      numerizer (~> 0.1.1)
    diff-lcs (1.1.3)
    facets (2.9.2)
    fileutils (0.7)
      rmagick (>= 2.13.1)
    haml (3.1.2)
    i18n (0.6.0)
    json (1.6.1)
    linecache (0.46)
      rbx-require-relative (> 0.0.4)
    mime-types (1.16)
    mongo (1.4.0)
      bson (= 1.4.0)
    mongoid (2.3.0)
      activemodel (~> 3.1)
      mongo (~> 1.4)
      tzinfo (~> 0.3.22)
    mongoid-rspec (1.4.4)
      mongoid (~> 2.0)
      rspec (~> 2)
    multi_json (1.0.3)
    numerizer (0.1.1)
    r18n-core (0.4.9)
    rack (1.2.2)
    rbx-require-relative (0.0.5)
    rmagick (2.13.1)
    rspec (2.6.0)
      rspec-core (~> 2.6.0)
      rspec-expectations (~> 2.6.0)
      rspec-mocks (~> 2.6.0)
    rspec-core (2.6.4)
    rspec-expectations (2.6.0)
      diff-lcs (~> 1.1.2)
    rspec-mocks (2.6.0)
    ruby-debug-base (0.10.4)
      linecache (>= 0.3)
    ruby-event (1.0.0)
    ruby-openid (2.1.8)
    sass (3.1.7)
    term-ansicolor (1.0.6)
    tzinfo (0.3.30)
    yajl-ruby (0.8.2)

PLATFORMS
  ruby

DEPENDENCIES
  RubyApp (= 0.0.7)
  bson (= 1.4.0)
  bson_ext (= 1.4.0)
  chronic_duration (= 0.9.6)
  mongo (= 1.4.0)
  mongoid (= 2.3.0)
  mongoid-rspec (= 1.4.4)
  rspec (= 2.6.0)
  ruby-debug-base (= 0.10.4)
