GEM
  remote: http://rubygems.org/
  specs:
    RubyApp (0.7.16)
      bluecloth
      chronic
      chronic_duration
      facets
      fileutils
      haml (= 3.1.8)
      json
      koala
      mime-types
      oauth2
      pry
      r18n-core
      rack
      rake
      ruby-event
      ruby-openid
      sass
      term-ansicolor
      terminal-table
      thin
      yajl-ruby
    activemodel (3.2.22.5)
      activesupport (= 3.2.22.5)
      builder (~> 3.0.0)
    activesupport (3.2.22.5)
      i18n (~> 0.6, >= 0.6.4)
      multi_json (~> 1.0)
    addressable (2.8.0)
      public_suffix (>= 2.0.2, < 5.0)
    amazon-ec2 (0.9.17)
      xml-simple (>= 1.0.12)
    awesome_print (1.1.0)
    aws-s3 (0.6.3)
      builder
      mime-types
      xml-simple
    aws-ses (0.4.4)
      builder
      mail (> 2.2.5)
      mime-types
      xml-simple
    bluecloth (2.2.0)
    bson (1.8.6)
    bson_ext (1.8.4)
      bson (~> 1.8.4)
    builder (3.0.4)
    chronic (0.10.2)
    chronic_duration (0.10.6)
      numerizer (~> 0.1.1)
    coderay (1.1.3)
    concurrent-ruby (1.1.10)
    daemons (1.1.9)
    eventmachine (1.2.7)
    facets (3.1.0)
    faraday (2.3.0)
      faraday-net_http (~> 2.0)
      ruby2_keywords (>= 0.0.4)
    faraday-net_http (2.0.3)
    fastercsv (1.5.5)
    ffi (1.15.5)
    fileutils (1.6.0)
    haml (3.1.8)
    i18n (0.9.5)
      concurrent-ruby (~> 1.0)
    json (1.7.7)
    jwt (2.4.1)
    koala (2.5.0)
      addressable
      faraday
    mail (2.7.1)
      mini_mime (>= 0.1.1)
    method_source (1.0.0)
    mime-types (3.4.1)
      mime-types-data (~> 3.2015)
    mime-types-data (3.2022.0105)
    mini_mime (1.1.2)
    mongoid (3.1.2)
      activemodel (~> 3.2)
      moped (~> 1.4.2)
      origin (~> 1.0)
      tzinfo (~> 0.3.22)
    moped (1.4.5)
    multi_json (1.15.0)
    multi_xml (0.6.0)
    numerizer (0.1.1)
    oauth2 (1.4.9)
      faraday (>= 0.17.3, < 3.0)
      jwt (>= 1.0, < 3.0)
      multi_json (~> 1.3)
      multi_xml (~> 0.5)
      rack (>= 1.2, < 3)
    origin (1.1.0)
    pry (0.14.1)
      coderay (~> 1.1)
      method_source (~> 1.0)
    public_suffix (4.0.7)
    r18n-core (5.0.1)
    rack (2.2.3.1)
    rake (13.0.6)
    rb-fsevent (0.11.1)
    rb-inotify (0.10.1)
      ffi (~> 1.0)
    rexml (3.2.5)
    ruby-event (1.0.0)
    ruby-openid (2.9.2)
    ruby2_keywords (0.0.5)
    sass (3.7.4)
      sass-listen (~> 4.0.0)
    sass-listen (4.0.0)
      rb-fsevent (~> 0.9, >= 0.9.4)
      rb-inotify (~> 0.9, >= 0.9.7)
    sync (0.5.0)
    term-ansicolor (1.7.1)
      tins (~> 1.0)
    terminal-table (1.4.5)
    thin (1.8.1)
      daemons (~> 1.0, >= 1.0.9)
      eventmachine (~> 1.0, >= 1.0.4)
      rack (>= 1, < 3)
    tins (1.31.1)
      sync
    tzinfo (0.3.60)
    whenever (0.8.2)
      activesupport (>= 2.3.4)
      chronic (>= 0.6.3)
    xml-simple (1.1.9)
      rexml
    yajl-ruby (1.4.3)

PLATFORMS
  ruby

DEPENDENCIES
  RubyApp
  amazon-ec2
  awesome_print
  aws-s3
  aws-ses
  bson_ext
  daemons
  fastercsv
  json
  mongoid (~> 3.1.0)
  terminal-table
  whenever
